GEM
  remote: https://rubygems.org/
  specs:
    addressable (2.3.8)
    json-schema (2.6.2)
      addressable (~> 2.3.8)
    minitest (5.6.0)
    stringex (2.5.2)

PLATFORMS
  ruby

DEPENDENCIES
  json-schema (~> 2.6.2)
  minitest (~> 5.6.0)
  stringex (~> 2.5.2)
